GEM
  remote: https://rubygems.org/
  specs:
    mysql2 (0.5.5)

PLATFORMS
  ruby

DEPENDENCIES
  mysql2

BUNDLED WITH
   2.1.4