GEM
  remote: https://rubygems.org/
  specs:
    bigdecimal (3.1.5)
    mysql2 (0.5.5)

PLATFORMS
  ruby

DEPENDENCIES
  bigdecimal
  mysql2

BUNDLED WITH
   2.6.0
